GEM
  remote: https://rubygems.org/
  specs:
    cowsay (0.3.0)
    debase (0.2.4.1)
      debase-ruby_core_source (>= 0.10.2)
    debase-ruby_core_source (0.10.11)
    rake (13.0.3)
    ruby-debug-ide (0.7.2)
      rake (>= 0.8.1)

PLATFORMS
  ruby
  x64-mingw32

DEPENDENCIES
  cowsay (~> 0.3.0)
  debase
  ruby-debug-ide

BUNDLED WITH
   2.1.4
